PATH
  remote: .
  specs:
    metanorma-acme (1.3.10)
      htmlentities (~> 4.3.4)
      isodoc (~> 1.0.0)
      metanorma-standoc (~> 1.3.0)
      ruby-jing

GEM
  remote: https://rubygems.org/
  specs:
    addressable (2.7.0)
      public_suffix (>= 2.0.2, < 5.0)
    asciidoctor (2.0.10)
    asciimath (1.0.9)
    ast (2.4.0)
    bibtex-ruby (5.1.1)
      latex-decode (~> 0.0)
    byebug (9.1.0)
    cnccs (0.1.5)
    coderay (1.1.2)
    concurrent-ruby (1.1.5)
    diff-lcs (1.3)
    docile (1.3.2)
    equivalent-xml (0.6.0)
      nokogiri (>= 1.4.3)
    faraday (1.0.0)
      multipart-post (>= 1.2, < 3)
    ffi (1.12.1)
    formatador (0.2.5)
    gb-agencies (0.0.6)
    guard (2.16.1)
      formatador (>= 0.2.4)
      listen (>= 2.7, < 4.0)
      lumberjack (>= 1.0.12, < 2.0)
      nenv (~> 0.1)
      notiffany (~> 0.0)
      pry (>= 0.9.12)
      shellany (~> 0.0)
      thor (>= 0.18.1)
    guard-compat (1.2.1)
    guard-rspec (4.7.3)
      guard (~> 2.1)
      guard-compat (~> 1.1)
      rspec (>= 2.99.0, < 4.0)
    html2doc (0.9.3)
      asciimath (~> 1.0.9)
      htmlentities (~> 4.3.4)
      image_size
      mime-types
      nokogiri (>= 1.10.4)
      thread_safe
      uuidtools
    htmlentities (4.3.4)
    iev (0.2.3)
      nokogiri (>= 1.10.4)
    image_size (2.0.2)
    iso639 (1.3.2)
    isodoc (1.0.14)
      asciimath
      html2doc (~> 0.9.0)
      htmlentities (~> 4.3.4)
      liquid
      metanorma (~> 0.3.0)
      nokogiri (>= 1.10.4)
      rake (~> 12.0)
      roman-numerals
      sassc (~> 2.2.1)
      thread_safe
      uuidtools
    isoics (0.1.8)
    json (2.3.0)
    latex-decode (0.3.1)
    liquid (4.0.3)
    listen (3.2.1)
      rb-fsevent (~> 0.10, >= 0.10.3)
      rb-inotify (~> 0.9, >= 0.9.10)
    lumberjack (1.2.0)
    metanorma (0.3.18)
      asciidoctor
      htmlentities
    metanorma-standoc (1.3.14)
      asciidoctor (~> 2.0.0)
      concurrent-ruby
      html2doc (~> 0.9.0)
      iev (~> 0.2.1)
      isodoc (~> 1.0.0)
      mimemagic
      relaton (~> 0.7.0)
      relaton-iev (~> 0.1.0)
      ruby-jing
      sterile (~> 1.0.14)
      unicode2latex (~> 0.0.1)
    method_source (0.9.2)
    mime-types (3.3.1)
      mime-types-data (~> 3.2015)
    mime-types-data (3.2019.1009)
    mimemagic (0.3.3)
    mini_portile2 (2.4.0)
    multipart-post (2.1.1)
    nenv (0.3.0)
    nokogiri (1.10.7)
      mini_portile2 (~> 2.4.0)
    notiffany (0.1.3)
      nenv (~> 0.1)
      shellany (~> 0.0)
    optout (0.0.2)
    parallel (1.19.1)
    parser (2.7.0.2)
      ast (~> 2.4.0)
    powerpack (0.1.2)
    pry (0.12.2)
      coderay (~> 1.1.0)
      method_source (~> 0.9.0)
    public_suffix (4.0.3)
    rainbow (3.0.0)
    rake (12.3.3)
    rb-fsevent (0.10.3)
    rb-inotify (0.10.1)
      ffi (~> 1.0)
    relaton (0.7.0)
      relaton-calconnect (~> 0.3.0)
      relaton-gb (~> 0.8.0)
      relaton-iec (~> 0.6.0)
      relaton-ietf (~> 0.8.0)
      relaton-iso (~> 0.8.0)
      relaton-itu (~> 0.5.0)
      relaton-nist (~> 0.5.0)
      relaton-ogc (~> 0.3.0)
    relaton-bib (0.5.0)
      addressable
      bibtex-ruby
      iso639
      nokogiri
    relaton-calconnect (0.3.0)
      faraday
      relaton-iso-bib (~> 0.5.0)
    relaton-gb (0.8.0)
      cnccs (~> 0.1.1)
      gb-agencies (~> 0.0.1)
      relaton-iso-bib (~> 0.5.0)
    relaton-iec (0.6.0)
      addressable
      relaton-iso-bib (~> 0.5.0)
    relaton-ietf (0.8.0)
      relaton-bib (~> 0.5.0)
    relaton-iev (0.1.3)
      relaton (~> 0.7)
    relaton-iso (0.8.1)
      relaton-iec (~> 0.6.0)
      relaton-iso-bib (~> 0.5.0)
    relaton-iso-bib (0.5.0)
      isoics (~> 0.1.6)
      relaton-bib (~> 0.5.0)
      ruby_deep_clone (~> 0.8.0)
    relaton-itu (0.5.1)
      relaton-iso-bib (~> 0.5.0)
    relaton-nist (0.5.1)
      relaton-bib (~> 0.5.0)
      rubyzip
    relaton-ogc (0.3.0)
      faraday (~> 1.0.0)
      relaton-iso-bib (~> 0.5.0)
    roman-numerals (0.3.0)
    rspec (3.9.0)
      rspec-core (~> 3.9.0)
      rspec-expectations (~> 3.9.0)
      rspec-mocks (~> 3.9.0)
    rspec-core (3.9.1)
      rspec-support (~> 3.9.1)
    rspec-expectations (3.9.0)
      diff-lcs (>= 1.2.0, < 2.0)
      rspec-support (~> 3.9.0)
    rspec-mocks (3.9.1)
      diff-lcs (>= 1.2.0, < 2.0)
      rspec-support (~> 3.9.0)
    rspec-support (3.9.2)
    rubocop (0.54.0)
      parallel (~> 1.10)
      parser (>= 2.5)
      powerpack (~> 0.1)
      rainbow (>= 2.2.2, < 4.0)
      ruby-progressbar (~> 1.7)
      unicode-display_width (~> 1.0, >= 1.0.1)
    ruby-jing (0.0.1)
      optout (>= 0.0.2)
    ruby-progressbar (1.10.1)
    ruby_deep_clone (0.8.0)
    rubyzip (2.0.0)
    sassc (2.2.1)
      ffi (~> 1.9)
    shellany (0.0.1)
    simplecov (0.17.1)
      docile (~> 1.1)
      json (>= 1.8, < 3)
      simplecov-html (~> 0.10.0)
    simplecov-html (0.10.2)
    sterile (1.0.14)
      nokogiri
    thor (1.0.1)
    thread_safe (0.3.6)
    timecop (0.9.1)
    unicode-display_width (1.6.1)
    unicode2latex (0.0.3)
    uuidtools (2.1.5)

PLATFORMS
  ruby

DEPENDENCIES
  byebug (~> 9.1)
  equivalent-xml (~> 0.6)
  guard (~> 2.14)
  guard-rspec (~> 4.7)
  metanorma (~> 0.3.0)
  metanorma-acme!
  rake (~> 12.0)
  rspec (~> 3.6)
  rubocop (= 0.54.0)
  simplecov (~> 0.15)
  timecop (~> 0.9)

BUNDLED WITH
   2.0.2
